GEM
  remote: http://rubygems.org/
  specs:
    bson (1.10.2)
    bson_ext (1.10.2)
      bson (~> 1.10.2)
    daemons (1.1.9)
    json (1.8.1)
    mongo (1.10.2)
      bson (= 1.10.2)
    newrelic_plugin (1.3.1)
      json

PLATFORMS
  ruby

DEPENDENCIES
  bson_ext
  daemons
  mongo
  newrelic_plugin
